GIT
  remote: https://github.com/bendiken/rdf-spec.git
  revision: 198c03ce4343c7f9921aa44a576f4dda2e5dc30e
  specs:
    rdf-spec (0.3.3)
      rspec (>= 2.1)

GIT
  remote: https://github.com/bendiken/rdf.git
  revision: 010ece7adfdfb87e55bd350f22ab33bce805ce51
  branch: 0.4.x
  specs:
    rdf (0.4.0)
      addressable (>= 2.2)

GEM
  remote: http://rubygems.org/
  specs:
    addressable (2.2.4)
    diff-lcs (1.1.2)
    nokogiri (1.4.4)
    open-uri-cached (0.0.3)
    promise (0.3.0)
    rdf-isomorphic (0.3.4)
      rdf (>= 0.2.3)
    rdf-rdfa (0.3.1.2)
      nokogiri (>= 1.3.3)
      rdf (>= 0.3.1)
    rdf-rdfxml (0.3.2.1)
      nokogiri (>= 1.4.4)
      rdf (>= 0.3.1)
    rspec (2.5.0)
      rspec-core (~> 2.5.0)
      rspec-expectations (~> 2.5.0)
      rspec-mocks (~> 2.5.0)
    rspec-core (2.5.1)
    rspec-expectations (2.5.0)
      diff-lcs (~> 1.1.2)
    rspec-mocks (2.5.0)
    spira (0.0.12)
      promise (>= 0.3.0)
      rdf (>= 0.2.3)
      rdf-isomorphic (>= 0.3.0)
    yard (0.6.8)

PLATFORMS
  ruby

DEPENDENCIES
  addressable (= 2.2.4)
  open-uri-cached (>= 0.0.3)
  rdf!
  rdf-isomorphic (>= 0.3.4)
  rdf-rdfa (>= 0.3.1)
  rdf-rdfxml (>= 0.3.1)
  rdf-spec!
  rspec (>= 2.1.0)
  spira (>= 0.0.12)
  yard (>= 0.6.4)
